GEM
  remote: https://rubygems.org/
  specs:
    CFPropertyList (2.2.8)
    aws-sdk-core (2.6.29)
      aws-sigv4 (~> 1.0)
      jmespath (~> 1.0)
    aws-sigv4 (1.0.0)
    facter (2.4.6)
      CFPropertyList (~> 2.2.6)
    faraday (0.9.2)
      multipart-post (>= 1.2, < 3)
    faraday_middleware (0.10.1)
      faraday (>= 0.7.4, < 1.0)
    fast_gettext (1.1.0)
    gettext (3.2.2)
      locale (>= 2.0.5)
      text (>= 1.3.0)
    gettext-setup (0.7)
      fast_gettext (~> 1.1.0)
      gettext (>= 3.0.2)
    hiera (1.3.4)
      json_pure
    jmespath (1.3.1)
    json_pure (2.0.2)
    librarian-puppet (2.2.3)
      librarianp (>= 0.6.3)
      puppet_forge (~> 2.1)
      rsync
    librarianp (0.6.3)
      thor (~> 0.15)
    locale (2.1.2)
    minitar (0.5.4)
    multipart-post (2.0.0)
    puppet (3.8.1)
      facter (> 1.6, < 3)
      hiera (~> 1.0)
      json_pure
    puppet_forge (2.2.2)
      faraday (~> 0.9.0)
      faraday_middleware (>= 0.9.0, < 0.11.0)
      gettext-setup (>= 0.3)
      minitar
      semantic_puppet (~> 0.1.0)
    retries (0.0.5)
    rsync (1.0.9)
    semantic_puppet (0.1.4)
      gettext-setup (>= 0.3)
    text (1.3.1)
    thor (0.19.4)

PLATFORMS
  ruby

DEPENDENCIES
  aws-sdk-core
  librarian-puppet
  puppet (= 3.8.1)
  retries
